GEM
  remote: https://rubygems.org/
  specs:
    kramdown (2.1.0)
    minitest (5.11.3)
    mustermann (1.0.3)
    rack (2.0.8)
    rack-protection (2.0.5)
      rack
    rake (12.3.2)
    sinatra (2.0.5)
      mustermann (~> 1.0)
      rack (~> 2.0)
      rack-protection (= 2.0.5)
      tilt (~> 2.0)
    tilt (2.0.9)

PLATFORMS
  ruby

DEPENDENCIES
  kramdown
  minitest
  rake
  sinatra

BUNDLED WITH
   1.17.2
