GEM
  remote: https://rubygems.org/
  specs:
    kramdown (2.2.1)
      rexml
    minitest (5.14.0)
    mustermann (2.0.2)
      ruby2_keywords (~> 0.0.1)
    rack (2.2.4)
    rack-protection (2.2.3)
      rack
    rake (13.0.1)
    rexml (3.2.4)
    ruby2_keywords (0.0.5)
    sinatra (2.2.3)
      mustermann (~> 2.0)
      rack (~> 2.2)
      rack-protection (= 2.2.3)
      tilt (~> 2.0)
    tilt (2.0.11)

PLATFORMS
  ruby

DEPENDENCIES
  kramdown
  minitest
  rake
  sinatra

BUNDLED WITH
   1.17.2
